GEM
  remote: https://rubygems.org/
  specs:
    colored2 (3.1.2)
    diff-lcs (1.3)
    rspec-mocks (3.8.1)
      diff-lcs (>= 1.2.0, < 2.0)
      rspec-support (~> 3.8.0)
    rspec-support (3.8.2)

PLATFORMS
  ruby

DEPENDENCIES
  colored2
  rspec-mocks

BUNDLED WITH
   2.0.1
